GEM
  remote: http://rubygems.org/
  specs:
    Ascii85 (1.0.0)
    actionmailer (2.3.5)
      actionpack (= 2.3.5)
    actionpack (2.3.5)
      activesupport (= 2.3.5)
      rack (~> 1.0.0)
    activerecord (2.3.5)
      activesupport (= 2.3.5)
    activeresource (2.3.5)
      activesupport (= 2.3.5)
    activesupport (2.3.5)
    aws (2.4.5)
      activesupport
      http_connection
      uuidtools
      xml-simple
    calendar_date_select (1.16.2)
    carrierwave (0.4.10)
    http_connection (1.4.1)
    pdf-reader (0.9.2)
      Ascii85 (>= 0.9)
    prawn (0.11.1)
      pdf-reader (>= 0.9.0)
      ttfunk (~> 1.0.0)
    prawnto (0.0.4)
      prawn
      rails (>= 2.1)
    rack (1.0.1)
    rails (2.3.5)
      actionmailer (= 2.3.5)
      actionpack (= 2.3.5)
      activerecord (= 2.3.5)
      activeresource (= 2.3.5)
      activesupport (= 2.3.5)
      rake (>= 0.8.3)
    rake (0.8.7)
    ttfunk (1.0.1)
    uuidtools (2.1.2)
    will_paginate (2.3.15)
    xml-simple (1.0.15)

PLATFORMS
  ruby

DEPENDENCIES
  aws
  calendar_date_select
  carrierwave (~> 0.4)
  prawn
  prawnto
  rails (~> 2.3.5)
  will_paginate (~> 2.3.11)
